PATH
  remote: .
  specs:
    bitmask_attributes (0.3.0)
      activerecord (~> 3.0)

GEM
  remote: http://rubygems.org/
  specs:
    activemodel (3.2.8)
      activesupport (= 3.2.8)
      builder (~> 3.0.0)
    activerecord (3.2.8)
      activemodel (= 3.2.8)
      activesupport (= 3.2.8)
      arel (~> 3.0.2)
      tzinfo (~> 0.3.29)
    activesupport (3.2.8)
      i18n (~> 0.6)
      multi_json (~> 1.0)
    ansi (1.4.2)
    arel (3.0.2)
    builder (3.0.4)
    i18n (0.6.1)
    json (1.6.5)
    minitest (4.1.0)
    multi_json (1.3.6)
    rake (0.9.2.2)
    rdoc (3.12)
      json (~> 1.4)
    sdoc (0.3.16)
      json (>= 1.1.3)
      rdoc (~> 3.10)
    shoulda (2.11.3)
    sqlite3 (1.3.5)
    turn (0.8.3)
      ansi
    tzinfo (0.3.34)

PLATFORMS
  ruby

DEPENDENCIES
  bitmask_attributes!
  minitest
  rake
  sdoc
  shoulda
  sqlite3 (>= 1.3.5)
  turn
